GEM
  remote: http://rubygems.org/
  specs:
    haml (3.1.7)
    sqlite3 (1.3.6-x86-mingw32)

PLATFORMS
  x86-mingw32

DEPENDENCIES
  haml
  sqlite3
