GEM
  remote: http://rubygems.org/
  specs:
    haml (3.1.7)
    json (1.7.5)
    nokogiri (1.5.2-x86-mingw32)
    sqlite3 (1.3.6-x86-mingw32)

PLATFORMS
  x86-mingw32

DEPENDENCIES
  haml
  json
  nokogiri
  sqlite3
